GEM
  remote: https://rubygems.org/
  specs:
    byebug (11.0.1)
    colorize (0.8.1)
    minitest (5.13.0)

PLATFORMS
  ruby

DEPENDENCIES
  byebug
  colorize
  minitest

BUNDLED WITH
   2.0.2
